PATH
  remote: .
  specs:
    noteshred (1.0.2)
      bcrypt (~> 3.1, >= 3.1.0)
      rest-client (~> 1.7.3, >= 1.7.3)

GEM
  remote: https://rubygems.org/
  specs:
    bcrypt (3.1.13)
    diff-lcs (1.2.5)
    mime-types (2.99.3)
    netrc (0.11.0)
    rake (10.3.2)
    rest-client (1.7.3)
      mime-types (>= 1.16, < 3.0)
      netrc (~> 0.7)
    rspec (3.1.0)
      rspec-core (~> 3.1.0)
      rspec-expectations (~> 3.1.0)
      rspec-mocks (~> 3.1.0)
    rspec-core (3.1.7)
      rspec-support (~> 3.1.0)
    rspec-expectations (3.1.2)
      diff-lcs (>= 1.2.0, < 2.0)
      rspec-support (~> 3.1.0)
    rspec-mocks (3.1.3)
      rspec-support (~> 3.1.0)
    rspec-support (3.1.2)

PLATFORMS
  ruby

DEPENDENCIES
  bundler (~> 1.5)
  noteshred!
  rake (~> 10.0, >= 10.0.0)
  rspec (~> 3.0, >= 3.0.0)

BUNDLED WITH
   1.17.2
